GIT
  remote: https://github.com/everypolitician/scraped.git
  revision: c458dd2601a7f1e9596c7c60cf375fee44c3604d
  specs:
    scraped (0.6.1)
      field_serializer (>= 0.3.0)
      nokogiri
      require_all

GIT
  remote: https://github.com/everypolitician/scraper_test.git
  revision: 9b4326c1e04ea7c8caf368d99bb5ac3711726199
  specs:
    scraper_test (0.1.0)
      minitest (~> 5.0)
      pry
      vcr (>= 3.0.3)
      webmock (>= 2.0)

GIT
  remote: https://github.com/everypolitician/table_unspanner.git
  revision: a70a98a104a75b470f4ea339fdd728366a40b4d8
  specs:
    table_unspanner (0.1.0)
      nokogiri

GIT
  remote: https://github.com/everypolitician/wikidata_ids_decorator.git
  revision: 259c6204d9435875c3cf3ba9216b05603b8fbc7c
  specs:
    wikidata_ids_decorator (0.1.0)
      pry
      scraped
      wikidata-fetcher

GIT
  remote: https://github.com/everypolitician/wikisnakker.git
  revision: 72dbb8b13c9ec1c8512974fa8d86d93b01b90a15
  specs:
    wikisnakker (0.9.1)
      require_all
      yajl-ruby

GIT
  remote: https://github.com/openaustralia/scraperwiki-ruby.git
  revision: fc50176812505e463077d5c673d504a6a234aa78
  branch: morph_defaults
  specs:
    scraperwiki (3.0.1)
      httpclient
      sqlite_magic

GEM
  remote: https://rubygems.org/
  specs:
    activesupport (5.1.1)
      concurrent-ruby (~> 1.0, >= 1.0.2)
      i18n (~> 0.7)
      minitest (~> 5.1)
      tzinfo (~> 1.1)
    addressable (2.5.1)
      public_suffix (~> 2.0, >= 2.0.2)
    ast (2.3.0)
    coderay (1.1.1)
    colorize (0.8.1)
    concurrent-ruby (1.0.5)
    crack (0.4.3)
      safe_yaml (~> 1.0.0)
    diskcached (1.1.3)
    domain_name (0.5.20170404)
      unf (>= 0.0.5, < 1.0.0)
    excon (0.57.0)
    faraday (0.12.1)
      multipart-post (>= 1.2, < 3)
    faraday-cookie_jar (0.0.6)
      faraday (>= 0.7.4)
      http-cookie (~> 1.0.0)
    faraday_middleware (0.11.0.1)
      faraday (>= 0.7.4, < 1.0)
    field_serializer (0.3.0)
    hashdiff (0.3.4)
    hashie (3.5.5)
    http-cookie (1.0.3)
      domain_name (~> 0.5)
    httpclient (2.8.3)
    i18n (0.8.4)
    json (2.1.0)
    mediawiki_api (0.7.1)
      faraday (~> 0.9, >= 0.9.0)
      faraday-cookie_jar (~> 0.0, >= 0.0.6)
      faraday_middleware (~> 0.10, >= 0.10.0)
    method_source (0.8.2)
    mime-types (3.1)
      mime-types-data (~> 3.2015)
    mime-types-data (3.2016.0521)
    mini_portile2 (2.2.0)
    minitest (5.10.2)
    multipart-post (2.0.0)
    netrc (0.11.0)
    nokogiri (1.8.0)
      mini_portile2 (~> 2.2.0)
    open-uri-cached (0.0.5)
    parallel (1.11.2)
    parser (2.4.0.0)
      ast (~> 2.2)
    powerpack (0.1.1)
    pry (0.10.4)
      coderay (~> 1.1.0)
      method_source (~> 0.8.1)
      slop (~> 3.4)
    public_suffix (2.0.5)
    rainbow (2.2.2)
      rake
    rake (12.0.0)
    require_all (1.4.0)
    rest-client (2.0.2)
      http-cookie (>= 1.0.2, < 2.0)
      mime-types (>= 1.16, < 4.0)
      netrc (~> 0.8)
    rubocop (0.49.1)
      parallel (~> 1.10)
      parser (>= 2.3.3.1, < 3.0)
      powerpack (~> 0.1)
      rainbow (>= 1.99.1, < 3.0)
      ruby-progressbar (~> 1.7)
      unicode-display_width (~> 1.0, >= 1.0.1)
    ruby-progressbar (1.8.1)
    safe_yaml (1.0.4)
    slop (3.6.0)
    sqlite3 (1.3.13)
    sqlite_magic (0.0.6)
      sqlite3
    thread_safe (0.3.6)
    tzinfo (1.2.3)
      thread_safe (~> 0.1)
    unf (0.1.4)
      unf_ext
    unf_ext (0.0.7.4)
    unicode-display_width (1.2.1)
    vcr (3.0.3)
    webmock (3.0.1)
      addressable (>= 2.3.6)
      crack (>= 0.3.2)
      hashdiff
    wikidata-client (0.0.10)
      excon (~> 0.40)
      faraday (~> 0.9)
      faraday_middleware (~> 0.9)
      hashie (~> 3.3)
    wikidata-fetcher (0.19.1)
      colorize
      diskcached
      json
      mediawiki_api
      nokogiri
      require_all
      rest-client
      scraperwiki
      wikidata-client (~> 0.0.7)
      wikisnakker
    yajl-ruby (1.3.0)

PLATFORMS
  ruby

DEPENDENCIES
  activesupport
  open-uri-cached
  pry
  rake
  require_all
  rubocop
  scraped!
  scraper_test!
  scraperwiki!
  table_unspanner!
  wikidata_ids_decorator!
  wikisnakker!

RUBY VERSION
   ruby 2.4.1p111

BUNDLED WITH
   1.14.6
